GIT
  remote: git://github.com/CoRfr/ruby-git
  revision: 405faf006a88071b7d4941097801505c11eded3c
  branch: fixutf8
  specs:
    git (1.3.0)

GEM
  remote: https://rubygems.org/
  specs:
    CFPropertyList (2.2.8)
    awesome_print (1.7.0)
    colored (1.2)
    facter (2.4.6)
      CFPropertyList (~> 2.2.6)
    minitest (5.9.0)
    net-ssh (3.2.0)
    rack (1.6.4)
    rack-test (0.6.3)
      rack (>= 1.0)
    workers (0.6.0)

PLATFORMS
  ruby

DEPENDENCIES
  awesome_print
  colored
  facter
  git!
  minitest
  net-ssh
  rack-test
  workers

BUNDLED WITH
   1.11.2
