GIT
  remote: git://github.com/CoRfr/ruby-git
  revision: a4789d8730d389ed11e8f6e549f4db697ba4b042
  branch: fixutf8
  specs:
    git (1.3.0)

GEM
  remote: https://rubygems.org/
  specs:
    CFPropertyList (2.2.8)
    awesome_print (1.7.0)
    colored (1.2)
    coveralls (0.8.15)
      json (>= 1.8, < 3)
      simplecov (~> 0.12.0)
      term-ansicolor (~> 1.3)
      thor (~> 0.19.1)
      tins (>= 1.6.0, < 2)
    docile (1.1.5)
    facter (2.4.6)
      CFPropertyList (~> 2.2.6)
    json (2.0.2)
    minitest (5.9.0)
    net-ssh (3.2.0)
    rack (2.0.1)
    rack-test (0.6.3)
      rack (>= 1.0)
    simplecov (0.12.0)
      docile (~> 1.1.0)
      json (>= 1.8, < 3)
      simplecov-html (~> 0.10.0)
    simplecov-html (0.10.0)
    term-ansicolor (1.3.2)
      tins (~> 1.0)
    thor (0.19.1)
    tins (1.12.0)
    workers (0.6.0)

PLATFORMS
  ruby

DEPENDENCIES
  awesome_print
  colored
  coveralls
  facter
  git!
  minitest
  net-ssh
  rack-test
  workers

BUNDLED WITH
   1.11.2
